GIT
  remote: https://github.com/justworkshr/fixy.git
  revision: 53432f2fc5239b56e8ce83a04fb0c407d3bb8128
  tag: v0.4.2
  specs:
    fixy (0.4.2)
      i18n
      rake

GIT
  remote: https://github.com/justworkshr/salesforce_bulk.git
  revision: 1f4194ebf9141c2f967aca7190b849262fc37292
  specs:
    salesforce_bulk (1.0.2)
      xml-simple

GIT
  remote: https://github.com/justworkshr/statsd-instrument.git
  revision: 65896f78258b0097e836f6fc86c91b269a572156
  branch: jw-2.9.2
  specs:
    statsd-instrument (2.9.2)

GEM
  remote: https://rubygems.org/
  specs:
    Ascii85 (1.0.2)
    actioncable (5.0.7.2)
      actionpack (= 5.0.7.2)
      nio4r (>= 1.2, < 3.0)
      websocket-driver (~> 0.6.1)
    actionmailer (5.0.7.2)
      actionpack (= 5.0.7.2)
      actionview (= 5.0.7.2)
      activejob (= 5.0.7.2)
      mail (~> 2.5, >= 2.5.4)
      rails-dom-testing (~> 2.0)
    actionpack (5.0.7.2)
      actionview (= 5.0.7.2)
      activesupport (= 5.0.7.2)
      rack (~> 2.0)
      rack-test (~> 0.6.3)
      rails-dom-testing (~> 2.0)
      rails-html-sanitizer (~> 1.0, >= 1.0.2)
    actionview (5.0.7.2)
      activesupport (= 5.0.7.2)
      builder (~> 3.1)
      erubis (~> 2.7.0)
      rails-dom-testing (~> 2.0)
      rails-html-sanitizer (~> 1.0, >= 1.0.3)
    activejob (5.0.7.2)
      activesupport (= 5.0.7.2)
      globalid (>= 0.3.6)
    activemodel (5.0.7.2)
      activesupport (= 5.0.7.2)
    activerecord (5.0.7.2)
      activemodel (= 5.0.7.2)
      activesupport (= 5.0.7.2)
      arel (~> 7.0)
    activesupport (5.0.7.2)
      concurrent-ruby (~> 1.0, >= 1.0.2)
      i18n (>= 0.7, < 2)
      minitest (~> 5.1)
      tzinfo (~> 1.1)
    addressable (2.7.0)
      public_suffix (>= 2.0.2, < 5.0)
    aes_key_wrap (1.1.0)
    afm (0.2.2)
    airbrussh (1.3.0)
      sshkit (>= 1.6.1, != 1.7.0)
    akami (1.3.1)
      gyoku (>= 0.4.0)
      nokogiri
    american_date (1.1.0)
    annotate (2.7.5)
      activerecord (>= 3.2, < 7.0)
      rake (>= 10.4, < 13.0)
    ar_transaction_changes (1.1.3)
      activerecord (>= 4.2.4, < 6.0)
    arel (7.1.4)
    ast (2.4.2)
    aws-eventstream (1.1.0)
    aws-partitions (1.391.0)
    aws-sdk-core (3.109.2)
      aws-eventstream (~> 1, >= 1.0.2)
      aws-partitions (~> 1, >= 1.239.0)
      aws-sigv4 (~> 1.1)
      jmespath (~> 1.0)
    aws-sdk-kms (1.39.0)
      aws-sdk-core (~> 3, >= 3.109.0)
      aws-sigv4 (~> 1.1)
    aws-sdk-s3 (1.84.1)
      aws-sdk-core (~> 3, >= 3.109.0)
      aws-sdk-kms (~> 1)
      aws-sigv4 (~> 1.1)
    aws-sigv4 (1.2.2)
      aws-eventstream (~> 1, >= 1.0.2)
    axlsx_styler (1.0.0)
      activesupport (>= 3.1)
      caxlsx (>= 2.0.2)
    babel-source (5.8.35)
    babel-transpiler (0.7.0)
      babel-source (>= 4.0, < 6)
      execjs (~> 2.0)
    bcrypt (3.1.11)
    bindata (2.4.10)
    blue-daemons (1.1.11)
    bluepill (0.1.3)
      activesupport (>= 3.2, < 6)
      blue-daemons (~> 1.1)
      state_machine (~> 1.1)
    bootsnap (1.4.5)
      msgpack (~> 1.0)
    brakeman (4.7.2)
    browser (2.5.3)
    builder (3.2.4)
    byebug (9.1.0)
    cantor (1.2.1)
    capistrano (3.5.0)
      airbrussh (>= 1.0.0)
      capistrano-harrow
      i18n
      rake (>= 10.0.0)
      sshkit (>= 1.9.0)
    capistrano-bundler (1.1.4)
      capistrano (~> 3.1)
      sshkit (~> 1.2)
    capistrano-harrow (0.5.3)
    capistrano-rails (1.1.6)
      capistrano (~> 3.1)
      capistrano-bundler (~> 1.1)
    capistrano-rvm (0.1.2)
      capistrano (~> 3.0)
      sshkit (~> 1.2)
    capistrano3-unicorn (0.2.1)
      capistrano (~> 3.1, >= 3.1.0)
    caxlsx (3.2.0)
      htmlentities (~> 4.3, >= 4.3.4)
      marcel (~> 1.0)
      nokogiri (~> 1.10, >= 1.10.4)
      rubyzip (>= 1.3.0, < 3)
    caxlsx_rails (0.6.2)
      actionpack (>= 3.1)
      caxlsx (>= 3.0)
    chronic_duration (0.10.6)
      numerizer (~> 0.1.1)
    chunky_png (1.3.10)
    cityhash (0.8.1)
    coderay (1.1.1)
    coffee-script-source (1.12.2)
    combine_pdf (1.0.21)
      ruby-rc4 (>= 0.1.5)
    concurrent-ruby (1.1.10)
    connection_pool (2.2.5)
    contentful (2.15.3)
      http (> 0.8, < 5.0)
      multi_json (~> 1)
    crack (0.4.3)
      safe_yaml (~> 1.0.0)
    crass (1.0.6)
    dalli (2.7.6)
    database_cleaner (1.5.3)
    ddtrace (0.42.0)
      msgpack
    debug_inspector (1.1.0)
    declarative (0.0.10)
    declarative-option (0.1.0)
    diff-lcs (1.5.0)
    docile (1.3.1)
    domain_name (0.5.20190701)
      unf (>= 0.0.5, < 1.0.0)
    doorkeeper (5.0.3)
      railties (>= 4.2)
    doorkeeper-openid_connect (1.6.3)
      doorkeeper (>= 5.0, < 5.2)
      json-jwt (~> 1.6)
    einhorn (0.7.4)
    elasticsearch (7.5.0)
      elasticsearch-api (= 7.5.0)
      elasticsearch-transport (= 7.5.0)
    elasticsearch-api (7.5.0)
      multi_json
    elasticsearch-transport (7.5.0)
      faraday (>= 0.14, < 1)
      multi_json
    erubis (2.7.0)
    et-orbi (1.2.4)
      tzinfo
    eventmachine (1.2.7)
    execjs (2.8.1)
    factory_bot (4.10.0)
      activesupport (>= 3.0.0)
    faraday (0.17.3)
      multipart-post (>= 1.2, < 3)
    faraday_middleware (0.13.1)
      faraday (>= 0.7.4, < 1.0)
    faye-websocket (0.11.0)
      eventmachine (>= 0.12.0)
      websocket-driver (>= 0.5.1)
    ffi (1.15.5)
    ffi-compiler (1.0.1)
      ffi (>= 1.0.0)
      rake
    flamegraph (0.9.5)
    fugit (1.4.0)
      et-orbi (~> 1.1, >= 1.1.8)
      raabro (~> 1.4)
    gearman-ruby (3.0.7)
    geoip (1.6.4)
    get_process_mem (0.2.7)
      ffi (~> 1.0)
    globalid (1.0.0)
      activesupport (>= 5.0)
    google-api-client (0.10.3)
      addressable (~> 2.3)
      googleauth (~> 0.5)
      httpclient (~> 2.7)
      hurley (~> 0.1)
      memoist (~> 0.11)
      mime-types (>= 1.6)
      representable (~> 3.0)
      retriable (>= 2.0, < 4.0)
    googleauth (0.8.1)
      faraday (~> 0.12)
      jwt (>= 1.4, < 3.0)
      memoist (~> 0.16)
      multi_json (~> 1.11)
      os (>= 0.9, < 2.0)
      signet (~> 0.7)
    graphiql-rails (1.8.0)
      railties
      sprockets-rails
    graphql (1.11.4)
    graphql-guard (2.0.0)
      graphql (>= 1.10.0, < 2)
    graphql-playground (0.1.5)
      railties (~> 5.0, >= 5.0.0)
    gyoku (1.4.0)
      builder (>= 2.1.2)
      rexml (~> 3.0)
    hashdiff (1.0.1)
    hashery (2.1.1)
    hashie (3.6.0)
    hellosign-ruby-sdk (3.7.7)
      faraday
      mime-types
      multi_json
    htmlentities (4.3.4)
    http (4.4.1)
      addressable (~> 2.3)
      http-cookie (~> 1.0)
      http-form_data (~> 2.2)
      http-parser (~> 1.2.0)
    http-accept (1.7.0)
    http-cookie (1.0.3)
      domain_name (~> 0.5)
    http-form_data (2.3.0)
    http-parser (1.2.1)
      ffi-compiler (>= 1.0, < 2.0)
    httparty (0.18.1)
      mime-types (~> 3.0)
      multi_xml (>= 0.5.2)
    httpclient (2.8.3)
    httpi (2.5.0)
      rack
      socksify
    hurley (0.2)
    i18n (1.10.0)
      concurrent-ruby (~> 1.0)
    icalendar (2.2.2)
    identity_cache (0.5.1)
      activerecord (>= 4.2.0)
      ar_transaction_changes (~> 1.0)
    inflection (1.0.0)
    integer-obfuscator (0.1.0)
    iostreams (1.0.0.beta7)
    jaro_winkler (1.5.4)
    jira-ruby (0.1.17)
      activesupport
      oauth (~> 0.4.7)
    jmespath (1.4.0)
    jquery-rails (4.5.0)
      rails-dom-testing (>= 1, < 3)
      railties (>= 4.2.0)
      thor (>= 0.14, < 2.0)
    json (2.3.1)
    json-jwt (1.13.0)
      activesupport (>= 4.2)
      aes_key_wrap
      bindata
    jwt (2.1.0)
    kgio (2.11.4)
    launchy (2.3.0)
      addressable (~> 2.3)
    letter_opener (1.4.1)
      launchy (~> 2.2)
    lograge (0.12.0)
      actionpack (>= 4)
      activesupport (>= 4)
      railties (>= 4)
      request_store (~> 1.0)
    logstash-event (1.2.02)
    loofah (2.18.0)
      crass (~> 1.0.2)
      nokogiri (>= 1.5.9)
    mail (2.7.1)
      mini_mime (>= 0.1.1)
    makara (0.4.0)
      activerecord (>= 3.0.0)
    marcel (1.0.2)
    marginalia (1.9.0)
      actionpack (>= 2.3)
      activerecord (>= 2.3)
    mechanize (2.7.6)
      domain_name (~> 0.5, >= 0.5.1)
      http-cookie (~> 1.0)
      mime-types (>= 1.17.2)
      net-http-digest_auth (~> 1.1, >= 1.1.1)
      net-http-persistent (>= 2.5.2)
      nokogiri (~> 1.6)
      ntlm-http (~> 0.1, >= 0.1.1)
      webrobots (>= 0.0.9, < 0.2)
    memoist (0.16.0)
    meta_request (0.7.3)
      rack-contrib (>= 1.1, < 3)
      railties (>= 3.0.0, < 7)
    metaclass (0.0.4)
    method_source (0.8.2)
    mime-types (3.3.1)
      mime-types-data (~> 3.2015)
    mime-types-data (3.2020.0512)
    mimemagic (0.3.10)
      nokogiri (~> 1)
      rake
    mini_mime (1.1.2)
    mini_portile2 (2.8.0)
    minitest (5.15.0)
    mocha (1.7.0)
      metaclass (~> 0.0.1)
    msgpack (1.3.1)
    multi_json (1.14.1)
    multi_xml (0.6.0)
    multipart-post (2.1.1)
    mysql2 (0.5.3)
    net-http-digest_auth (1.4.1)
    net-http-persistent (4.0.0)
      connection_pool (~> 2.2)
    net-scp (1.2.1)
      net-ssh (>= 2.6.5)
    net-sftp (2.1.2)
      net-ssh (>= 2.6.5)
    net-ssh (5.2.0)
    netrc (0.11.0)
    netsuite (0.8.5)
      savon (>= 2.3.0)
    nio4r (2.5.8)
    nokogiri (1.13.6)
      mini_portile2 (~> 2.8.0)
      racc (~> 1.4)
    nori (2.6.0)
    ntlm-http (0.1.1)
    numerizer (0.1.1)
    oauth (0.4.7)
    os (1.0.1)
    paper_trail (10.3.1)
      activerecord (>= 4.2)
      request_store (~> 1.1)
    parallel (1.22.1)
    parallel_tests (2.22.1)
      parallel
    parser (3.1.2.0)
      ast (~> 2.4.1)
    pdf-reader (1.4.0)
      Ascii85 (~> 1.0.0)
      afm (~> 0.2.1)
      hashery (~> 2.0)
      ruby-rc4
      ttfunk
    pg (1.1.2)
    phonelib (0.6.43)
    plaid (7.0.0)
      faraday
      faraday_middleware
      hashie (>= 3.4.3)
    posix-spawn (0.3.13)
    prawn (0.13.2)
      pdf-reader (~> 1.2)
      ruby-rc4
      ttfunk (~> 1.0.3)
    pry (0.10.3)
      coderay (~> 1.1.0)
      method_source (~> 0.8.1)
      slop (~> 3.4)
    pry-byebug (3.4.0)
      byebug (~> 9.0)
      pry (~> 0.10)
    pry-rails (0.3.4)
      pry (>= 0.9.10)
    public_suffix (4.0.5)
    pundit (1.1.0)
      activesupport (>= 3.0.0)
    quickbooks-ruby (0.6.6)
      activemodel
      multipart-post
      nokogiri
      oauth (~> 0.4.5)
      roxml (>= 3.3.1, < 4.1)
    raabro (1.4.0)
    racc (1.6.0)
    rack (2.2.3.1)
    rack-contrib (2.3.0)
      rack (~> 2.0)
    rack-protection (2.2.0)
      rack
    rack-test (0.6.3)
      rack (>= 1.0)
    rails (5.0.7.2)
      actioncable (= 5.0.7.2)
      actionmailer (= 5.0.7.2)
      actionpack (= 5.0.7.2)
      actionview (= 5.0.7.2)
      activejob (= 5.0.7.2)
      activemodel (= 5.0.7.2)
      activerecord (= 5.0.7.2)
      activesupport (= 5.0.7.2)
      bundler (>= 1.3.0)
      railties (= 5.0.7.2)
      sprockets-rails (>= 2.0.0)
    rails-controller-testing (1.0.5)
      actionpack (>= 5.0.1.rc1)
      actionview (>= 5.0.1.rc1)
      activesupport (>= 5.0.1.rc1)
    rails-dom-testing (2.0.3)
      activesupport (>= 4.2.0)
      nokogiri (>= 1.6)
    rails-html-sanitizer (1.4.2)
      loofah (~> 2.3)
    rails-ujs (0.1.0)
      railties (>= 3.1)
    railties (5.0.7.2)
      actionpack (= 5.0.7.2)
      activesupport (= 5.0.7.2)
      method_source
      rake (>= 0.8.7)
      thor (>= 0.18.1, < 2.0)
    rainbow (3.1.1)
    raindrops (0.20.0)
    rake (12.3.3)
    react-rails (1.6.2)
      babel-transpiler (>= 0.7.0)
      coffee-script-source (~> 1.8)
      connection_pool
      execjs
      rails (>= 3.2)
      tilt
    redis (4.1.2)
    representable (3.0.4)
      declarative (< 0.1.0)
      declarative-option (< 0.2.0)
      uber (< 0.2.0)
    request_store (1.5.1)
      rack (>= 1.4)
    rest-client (2.1.0)
      http-accept (>= 1.7.0, < 2.0)
      http-cookie (>= 1.0.2, < 2.0)
      mime-types (>= 1.16, < 4.0)
      netrc (~> 0.8)
    restforce (3.1.0)
      faraday (>= 0.9.0, <= 1.0)
      faraday_middleware (>= 0.8.8, <= 1.0)
      hashie (>= 1.2.0, < 4.0)
      json (>= 1.7.5)
    retriable (3.1.2)
    rexml (3.2.5)
    riif (0.9.0)
    rmagick (2.16.0)
    rollbar (3.1.1)
    roo (2.8.3)
      nokogiri (~> 1)
      rubyzip (>= 1.3.0, < 3.0.0)
    rotp (3.0.1)
    roxml (4.0.0)
      activesupport (>= 4.0)
      nokogiri (>= 1.3.3)
    rqrcode (0.10.1)
      chunky_png (~> 1.0)
    rspec-core (3.9.3)
      rspec-support (~> 3.9.3)
    rspec-expectations (3.9.4)
      diff-lcs (>= 1.2.0, < 2.0)
      rspec-support (~> 3.9.0)
    rspec-mocks (3.9.1)
      diff-lcs (>= 1.2.0, < 2.0)
      rspec-support (~> 3.9.0)
    rspec-rails (3.9.1)
      actionpack (>= 3.0)
      activesupport (>= 3.0)
      railties (>= 3.0)
      rspec-core (~> 3.9.0)
      rspec-expectations (~> 3.9.0)
      rspec-mocks (~> 3.9.0)
      rspec-support (~> 3.9.0)
    rspec-support (3.9.4)
    rspec_junit_formatter (0.4.1)
      rspec-core (>= 2, < 4, != 2.12.0)
    rubocop (0.74.0)
      jaro_winkler (~> 1.5.1)
      parallel (~> 1.10)
      parser (>= 2.6)
      rainbow (>= 2.2.2, < 4.0)
      ruby-progressbar (~> 1.7)
      unicode-display_width (>= 1.4.0, < 1.7)
    rubocop-checkstyle_formatter (0.4.0)
      rubocop (>= 0.35.1)
    rubocop-performance (1.4.1)
      rubocop (>= 0.71.0)
    rubocop-rails (2.5.2)
      activesupport
      rack (>= 1.1)
      rubocop (>= 0.72.0)
    rubocop-rspec (1.35.0)
      rubocop (>= 0.60.0)
    rubocop-thread_safety (0.3.4)
      rubocop (>= 0.51.0)
    ruby-pardot (1.3.2)
      crack (= 0.4.3)
      httparty (= 0.18.1)
    ruby-progressbar (1.11.0)
    ruby-rc4 (0.1.5)
    ruby_http_client (3.5.2)
    rubyzip (2.3.2)
    rufus-scheduler (3.6.0)
      fugit (~> 1.1, >= 1.1.6)
    safe_yaml (1.0.5)
    sassc (2.4.0)
      ffi (~> 1.9)
    sassc-rails (2.1.2)
      railties (>= 4.0.0)
      sassc (>= 2.0)
      sprockets (> 3.0)
      sprockets-rails
      tilt
    savon (2.12.1)
      akami (~> 1.2)
      builder (>= 2.1.2)
      gyoku (~> 1.2)
      httpi (~> 2.3)
      nokogiri (>= 1.8.1)
      nori (~> 2.4)
      wasabi (~> 3.4)
    scout_apm (4.0.1)
      parser
    sendgrid-actionmailer (3.1.1)
      mail (~> 2.7)
      sendgrid-ruby (~> 6.0)
    sendgrid-ruby (6.3.8)
      ruby_http_client (~> 3.4)
    sidekiq (6.0.7)
      connection_pool (>= 2.2.2)
      rack (~> 2.0)
      rack-protection (>= 2.0.0)
      redis (>= 4.1.0)
    sidekiq-status (1.1.4)
      chronic_duration
      sidekiq (>= 3.0)
    sidekiq-worker-killer (1.0.0)
      get_process_mem (~> 0.2.1)
      sidekiq (>= 5)
    signet (0.11.0)
      addressable (~> 2.3)
      faraday (~> 0.9)
      jwt (>= 1.5, < 3.0)
      multi_json (~> 1.10)
    simplecov (0.16.1)
      docile (~> 1.1)
      json (>= 1.8, < 3)
      simplecov-html (~> 0.10.0)
    simplecov-html (0.10.2)
    simplecov-lcov (0.7.0)
    slop (3.6.0)
    socksify (1.7.1)
    sprockets (4.0.3)
      concurrent-ruby (~> 1.0)
      rack (> 1, < 3)
    sprockets-rails (3.2.2)
      actionpack (>= 4.0)
      activesupport (>= 4.0)
      sprockets (>= 3.0.0)
    sshkit (1.11.2)
      net-scp (>= 1.1.2)
      net-ssh (>= 2.8.0)
    stackprof (0.2.16)
    state_machine (1.2.0)
    string-similarity (2.0.1)
    stupidedi (1.3.23)
      cantor (~> 1.2.1)
      term-ansicolor (~> 1.3)
    term-ansicolor (1.7.1)
      tins (~> 1.0)
    test-prof (0.7.3)
    thor (1.2.1)
    thread_safe (0.3.6)
    tilt (2.0.10)
    timecop (0.7.0)
    tins (1.20.2)
    ttfunk (1.0.3)
    twilio-ruby (5.34.0)
      faraday (>= 0.9, < 2.0)
      jwt (>= 1.5, <= 2.5)
      nokogiri (>= 1.6, < 2.0)
    tzinfo (1.2.9)
      thread_safe (~> 0.1)
    tzinfo-data (1.2020.1)
      tzinfo (>= 1.0.0)
    uber (0.1.0)
    uglifier (3.0.0)
      execjs (>= 0.3.0, < 3)
    unf (0.1.4)
      unf_ext
    unf_ext (0.0.7.7)
    unicode-display_width (1.6.1)
    unicorn (5.4.0)
      kgio (~> 2.6)
      raindrops (~> 0.7)
    unicorn-rails (2.2.1)
      rack
      unicorn
    unicorn-worker-killer (0.4.4)
      get_process_mem (~> 0)
      unicorn (>= 4, < 6)
    useragent (0.16.10)
    vcr (6.0.0)
    wasabi (3.7.0)
      addressable
      httpi (~> 2.0)
      nokogiri (>= 1.4.2)
    web-console (3.0.0)
      activemodel (>= 4.2)
      debug_inspector
      railties (>= 4.2)
    webmock (3.11.2)
      addressable (>= 2.3.6)
      crack (>= 0.3.2)
      hashdiff (>= 0.4.0, < 2.0.0)
    webrobots (0.1.2)
    websocket-driver (0.6.5)
      websocket-extensions (>= 0.1.0)
    websocket-extensions (0.1.5)
    wisper (2.0.0)
    wisper-sidekiq (1.3.0)
      sidekiq (>= 4.1)
      wisper
    xeroizer (2.20.0)
      activesupport
      builder (>= 2.1.2)
      i18n
      nokogiri
      oauth (>= 0.4.5)
      tzinfo
    xml-simple (1.1.5)
    zendesk_api (1.28.0)
      faraday (>= 0.9.0, < 2.0.0)
      hashie (>= 3.5.2, < 5.0.0)
      inflection
      mime-types
      multipart-post (~> 2.0)

PLATFORMS
  ruby

DEPENDENCIES
  american_date (= 1.1.0)
  annotate (~> 2.7.4)
  aws-sdk-s3 (~> 1.84)
  axlsx_styler (= 1.0.0)
  bcrypt (= 3.1.11)
  bluepill (= 0.1.3)
  bootsnap
  brakeman
  browser
  capistrano (= 3.5.0)
  capistrano-bundler (= 1.1.4)
  capistrano-rails (= 1.1.6)
  capistrano-rvm (= 0.1.2)
  capistrano3-unicorn
  caxlsx_rails (= 0.6.2)
  cityhash (= 0.8.1)
  combine_pdf (= 1.0.21)
  contentful (~> 2.15.3)
  dalli (= 2.7.6)
  database_cleaner (= 1.5.3)
  ddtrace (= 0.42.0)
  doorkeeper (= 5.0.3)
  doorkeeper-openid_connect (= 1.6.3)
  einhorn (~> 0.7.4)
  elasticsearch (= 7.5.0)
  factory_bot (~> 4.10.0)
  faraday (<= 1.0)
  faye-websocket (>= 0.11.0)
  fixy!
  flamegraph
  gearman-ruby (= 3.0.7)
  geoip
  google-api-client
  graphiql-rails
  graphql (= 1.11.4)
  graphql-guard (= 2.0.0)
  graphql-playground
  hellosign-ruby-sdk (= 3.7.7)
  icalendar (= 2.2.2)
  identity_cache (= 0.5.1)
  integer-obfuscator (= 0.1.0)
  iostreams (= 1.0.0.beta7)
  jira-ruby
  jquery-rails
  json (~> 2.3.1)
  letter_opener (= 1.4.1)
  lograge
  logstash-event
  makara
  marginalia (= 1.9.0)
  mechanize (= 2.7.6)
  meta_request (>= 0.7.2)
  mime-types (~> 3.3.1)
  mimemagic (~> 0.3.4)
  mocha
  mysql2 (~> 0.5.0)
  net-sftp (= 2.1.2)
  net-ssh (= 5.2.0)
  netsuite (= 0.8.5)
  nokogiri (>= 1.10.10)
  oauth (= 0.4.7)
  paper_trail
  parallel_tests
  pg
  phonelib (~> 0.6.43)
  plaid (= 7.0.0)
  posix-spawn
  prawn (= 0.13.2)
  pry (= 0.10.3)
  pry-byebug (= 3.4.0)
  pry-rails (= 0.3.4)
  pundit (= 1.1.0)
  quickbooks-ruby (= 0.6.6)
  rails (= 5.0.7.2)
  rails-controller-testing
  rails-ujs
  react-rails (~> 1.6.2)
  redis (= 4.1.2)
  request_store (~> 1.4, >= 1.4.1)
  rest-client (~> 2.1.0)
  restforce (~> 3.1.0)
  retriable (= 3.1.2)
  riif (= 0.9.0)
  rmagick (= 2.16.0)
  rollbar (= 3.1.1)
  roo (~> 2.8.0)
  rotp (= 3.0.1)
  rqrcode (= 0.10.1)
  rspec-rails (~> 3.8, >= 3.8.2)
  rspec_junit_formatter (~> 0.4.1)
  rubocop (= 0.74.0)
  rubocop-checkstyle_formatter
  rubocop-performance
  rubocop-rails
  rubocop-rspec (= 1.35.0)
  rubocop-thread_safety
  ruby-pardot (~> 1.3.0)
  rubyzip (>= 1.3.0)
  rufus-scheduler (= 3.6.0)
  salesforce_bulk!
  sassc-rails
  scout_apm (= 4.0.1)
  sendgrid-actionmailer (= 3.1.1)
  sidekiq-status (~> 1.1.4)
  sidekiq-worker-killer (~> 1.0, >= 1.0.0)
  simplecov
  simplecov-lcov
  stackprof
  statsd-instrument!
  string-similarity
  stupidedi (= 1.3.23)
  test-prof
  timecop (= 0.7.0)
  twilio-ruby (~> 5.34.0)
  tzinfo-data (= 1.2020.1)
  uglifier (= 3.0.0)
  unicorn (= 5.4.0)
  unicorn-rails (= 2.2.1)
  unicorn-worker-killer (= 0.4.4)
  useragent
  vcr (~> 6.0)
  web-console (= 3.0.0)
  webmock (~> 3.11)
  wisper (= 2.0.0)
  wisper-sidekiq (~> 1.3, >= 1.3.0)
  xeroizer (= 2.20.0)
  zendesk_api (~> 1.28)

BUNDLED WITH
   2.1.4
